GEM
  remote: https://rubygems.org/
  specs:
    actioncable (7.1.5.1)
      actionpack (= 7.1.5.1)
      activesupport (= 7.1.5.1)
      nio4r (~> 2.0)
      websocket-driver (>= 0.6.1)
      zeitwerk (~> 2.6)
    actionmailbox (7.1.5.1)
      actionpack (= 7.1.5.1)
      activejob (= 7.1.5.1)
      activerecord (= 7.1.5.1)
      activestorage (= 7.1.5.1)
      activesupport (= 7.1.5.1)
      mail (>= 2.7.1)
      net-imap
      net-pop
      net-smtp
    actionmailer (7.1.5.1)
      actionpack (= 7.1.5.1)
      actionview (= 7.1.5.1)
      activejob (= 7.1.5.1)
      activesupport (= 7.1.5.1)
      mail (~> 2.5, >= 2.5.4)
      net-imap
      net-pop
      net-smtp
      rails-dom-testing (~> 2.2)
    actionpack (7.1.5.1)
      actionview (= 7.1.5.1)
      activesupport (= 7.1.5.1)
      nokogiri (>= 1.8.5)
      racc
      rack (>= 2.2.4)
      rack-session (>= 1.0.1)
      rack-test (>= 0.6.3)
      rails-dom-testing (~> 2.2)
      rails-html-sanitizer (~> 1.6)
    actiontext (7.1.5.1)
      actionpack (= 7.1.5.1)
      activerecord (= 7.1.5.1)
      activestorage (= 7.1.5.1)
      activesupport (= 7.1.5.1)
      globalid (>= 0.6.0)
      nokogiri (>= 1.8.5)
    actionview (7.1.5.1)
      activesupport (= 7.1.5.1)
      builder (~> 3.1)
      erubi (~> 1.11)
      rails-dom-testing (~> 2.2)
      rails-html-sanitizer (~> 1.6)
    activejob (7.1.5.1)
      activesupport (= 7.1.5.1)
      globalid (>= 0.3.6)
    activemodel (7.1.5.1)
      activesupport (= 7.1.5.1)
    activerecord (7.1.5.1)
      activemodel (= 7.1.5.1)
      activesupport (= 7.1.5.1)
      timeout (>= 0.4.0)
    activestorage (7.1.5.1)
      actionpack (= 7.1.5.1)
      activejob (= 7.1.5.1)
      activerecord (= 7.1.5.1)
      activesupport (= 7.1.5.1)
      marcel (~> 1.0)
    activesupport (7.1.5.1)
      base64
      benchmark (>= 0.3)
      bigdecimal
      concurrent-ruby (~> 1.0, >= 1.0.2)
      connection_pool (>= 2.2.5)
      drb
      i18n (>= 1.6, < 2)
      logger (>= 1.4.2)
      minitest (>= 5.1)
      mutex_m
      securerandom (>= 0.3)
      tzinfo (~> 2.0)
    autoprefixer-rails (10.4.19.0)
      execjs (~> 2)
    aws-eventstream (1.2.0)
    aws-partitions (1.780.0)
    aws-sdk-core (3.175.0)
      aws-eventstream (~> 1, >= 1.0.2)
      aws-partitions (~> 1, >= 1.651.0)
      aws-sigv4 (~> 1.5)
      jmespath (~> 1, >= 1.6.1)
    aws-sdk-kms (1.67.0)
      aws-sdk-core (~> 3, >= 3.174.0)
      aws-sigv4 (~> 1.1)
    aws-sdk-s3 (1.126.0)
      aws-sdk-core (~> 3, >= 3.174.0)
      aws-sdk-kms (~> 1)
      aws-sigv4 (~> 1.4)
    aws-sigv4 (1.5.2)
      aws-eventstream (~> 1, >= 1.0.2)
    base64 (0.2.0)
    bcrypt (3.1.18)
    benchmark (0.4.0)
    bigdecimal (3.1.8)
    bindex (0.8.1)
    bootsnap (1.16.0)
      msgpack (~> 1.2)
    bootstrap (4.6.2.1)
      autoprefixer-rails (>= 9.1.0)
      popper_js (>= 1.16.1, < 2)
    builder (3.3.0)
    byebug (11.1.3)
    concurrent-ruby (1.3.4)
    connection_pool (2.4.1)
    crass (1.0.6)
    dartsass-sprockets (3.1.0)
      railties (>= 4.0.0)
      sassc-embedded (~> 1.69)
      sprockets (> 3.0)
      sprockets-rails
      tilt
    date (3.4.1)
    dockerfile-rails (1.6.14)
      rails (>= 3.0.0)
    drb (2.2.1)
    erubi (1.13.0)
    execjs (2.9.1)
    ffi (1.17.0)
    ffi (1.17.0-x86_64-darwin)
    ffi (1.17.0-x86_64-linux-gnu)
    globalid (1.2.1)
      activesupport (>= 6.1)
    google-protobuf (4.28.2)
      bigdecimal
      rake (>= 13)
    google-protobuf (4.28.2-x86_64-darwin)
      bigdecimal
      rake (>= 13)
    google-protobuf (4.28.2-x86_64-linux)
      bigdecimal
      rake (>= 13)
    i18n (1.14.6)
      concurrent-ruby (~> 1.0)
    image_processing (1.12.2)
      mini_magick (>= 4.9.5, < 5)
      ruby-vips (>= 2.0.17, < 3)
    io-console (0.7.2)
    irb (1.14.0)
      rdoc (>= 4.0.0)
      reline (>= 0.4.2)
    jbuilder (2.11.5)
      actionview (>= 5.0.0)
      activesupport (>= 5.0.0)
    jmespath (1.6.2)
    jsbundling-rails (1.1.2)
      railties (>= 6.0.0)
    listen (3.8.0)
      rb-fsevent (~> 0.10, >= 0.10.3)
      rb-inotify (~> 0.9, >= 0.9.10)
    logger (1.6.2)
    loofah (2.23.1)
      crass (~> 1.0.2)
      nokogiri (>= 1.12.0)
    mail (2.8.1)
      mini_mime (>= 0.1.1)
      net-imap
      net-pop
      net-smtp
    marcel (1.0.2)
    mini_magick (4.12.0)
    mini_mime (1.1.5)
    mini_portile2 (2.8.8)
    minitest (5.25.4)
    msgpack (1.7.1)
    mutex_m (0.3.0)
    mysql2 (0.5.6)
    net-imap (0.4.19)
      date
      net-protocol
    net-pop (0.1.2)
      net-protocol
    net-protocol (0.2.2)
      timeout
    net-smtp (0.4.0.1)
      net-protocol
    nio4r (2.7.3)
    nokogiri (1.18.3)
      mini_portile2 (~> 2.8.2)
      racc (~> 1.4)
    nokogiri (1.18.3-x86_64-darwin)
      racc (~> 1.4)
    nokogiri (1.18.3-x86_64-linux-gnu)
      racc (~> 1.4)
    popper_js (1.16.1)
    psych (5.1.2)
      stringio
    puma (6.4.3)
      nio4r (~> 2.0)
    racc (1.8.1)
    rack (2.2.11)
    rack-session (1.0.2)
      rack (< 3)
    rack-test (2.1.0)
      rack (>= 1.3)
    rackup (1.0.0)
      rack (< 3)
      webrick
    rails (7.1.5.1)
      actioncable (= 7.1.5.1)
      actionmailbox (= 7.1.5.1)
      actionmailer (= 7.1.5.1)
      actionpack (= 7.1.5.1)
      actiontext (= 7.1.5.1)
      actionview (= 7.1.5.1)
      activejob (= 7.1.5.1)
      activemodel (= 7.1.5.1)
      activerecord (= 7.1.5.1)
      activestorage (= 7.1.5.1)
      activesupport (= 7.1.5.1)
      bundler (>= 1.15.0)
      railties (= 7.1.5.1)
    rails-dom-testing (2.2.0)
      activesupport (>= 5.0.0)
      minitest
      nokogiri (>= 1.6)
    rails-html-sanitizer (1.6.1)
      loofah (~> 2.21)
      nokogiri (>= 1.15.7, != 1.16.7, != 1.16.6, != 1.16.5, != 1.16.4, != 1.16.3, != 1.16.2, != 1.16.1, != 1.16.0.rc1, != 1.16.0)
    railties (7.1.5.1)
      actionpack (= 7.1.5.1)
      activesupport (= 7.1.5.1)
      irb
      rackup (>= 1.0.0)
      rake (>= 12.2)
      thor (~> 1.0, >= 1.2.2)
      zeitwerk (~> 2.6)
    rake (13.2.1)
    rb-fsevent (0.11.2)
    rb-inotify (0.10.1)
      ffi (~> 1.0)
    rdoc (6.7.0)
      psych (>= 4.0.0)
    reline (0.5.10)
      io-console (~> 0.5)
    ruby-vips (2.1.4)
      ffi (~> 1.12)
    sass-embedded (1.79.3)
      google-protobuf (~> 4.27)
      rake (>= 13)
    sassc-embedded (1.78.0)
      sass-embedded (~> 1.78)
    securerandom (0.4.0)
    seed_dump (3.3.1)
      activerecord (>= 4)
      activesupport (>= 4)
    spring (2.1.1)
    spring-watcher-listen (2.0.1)
      listen (>= 2.7, < 4.0)
      spring (>= 1.2, < 3.0)
    sprockets (3.7.5)
      base64
      concurrent-ruby (~> 1.0)
      rack (> 1, < 3)
    sprockets-rails (3.5.2)
      actionpack (>= 6.1)
      activesupport (>= 6.1)
      sprockets (>= 3.0.0)
    sqlite3 (1.6.3)
      mini_portile2 (~> 2.8.0)
    sqlite3 (1.6.3-x86_64-darwin)
    sqlite3 (1.6.3-x86_64-linux)
    stringio (3.1.1)
    thor (1.3.2)
    tilt (2.4.0)
    timeout (0.4.3)
    turbolinks (5.2.1)
      turbolinks-source (~> 5.2)
    turbolinks-source (5.2.0)
    tzinfo (2.0.6)
      concurrent-ruby (~> 1.0)
    web-console (4.2.0)
      actionview (>= 6.0.0)
      activemodel (>= 6.0.0)
      bindex (>= 0.4.0)
      railties (>= 6.0.0)
    webrick (1.8.2)
    websocket-driver (0.7.6)
      websocket-extensions (>= 0.1.0)
    websocket-extensions (0.1.5)
    zeitwerk (2.6.18)

PLATFORMS
  ruby
  x86_64-darwin-19
  x86_64-linux

DEPENDENCIES
  aws-sdk-s3
  bcrypt (~> 3.1.7)
  bootsnap (>= 1.4.2)
  bootstrap (~> 4.6.2)
  byebug
  dartsass-sprockets
  dockerfile-rails (>= 1.6)
  image_processing (~> 1.12)
  jbuilder (~> 2.7)
  jsbundling-rails
  mysql2
  puma
  rails (~> 7.0)
  seed_dump
  spring
  spring-watcher-listen (~> 2.0.0)
  sqlite3 (~> 1.4)
  turbolinks (~> 5)
  web-console (>= 3.3.0)

RUBY VERSION
   ruby 3.1.2p20

BUNDLED WITH
   2.3.11
